GEM
  remote: http://rubygems.org/
  specs:
    actionmailer (2.3.11)
      actionpack (= 2.3.11)
    actionpack (2.3.11)
      activesupport (= 2.3.11)
      rack (~> 1.1.0)
    activerecord (2.3.11)
      activesupport (= 2.3.11)
    activeresource (2.3.11)
      activesupport (= 2.3.11)
    activesupport (2.3.11)
    authlogic (2.1.6)
      activesupport
    columnize (0.3.4)
    factory_girl (1.3.3)
    formtastic (1.2.4)
      actionpack (>= 2.3.7)
      activesupport (>= 2.3.7)
      i18n (~> 0.4)
    gravtastic (3.2.6)
    haml (3.0.25)
    i18n (0.6.0)
    linecache (0.46)
      rbx-require-relative (> 0.0.4)
    maruku (0.6.0)
      syntax (>= 1.0.0)
    mocha (0.9.12)
    mysql (2.8.1)
    paperclip (2.3.8)
      activerecord
      activesupport
    rack (1.1.2)
    rails (2.3.11)
      actionmailer (= 2.3.11)
      actionpack (= 2.3.11)
      activerecord (= 2.3.11)
      activeresource (= 2.3.11)
      activesupport (= 2.3.11)
      rake (>= 0.8.3)
    rails-footnotes (3.6.7)
    rake (0.9.2)
    rbx-require-relative (0.0.5)
    rdoc (3.9.4)
    ruby-debug (0.10.4)
      columnize (>= 0.1)
      ruby-debug-base (~> 0.10.4.0)
    ruby-debug-base (0.10.4)
      linecache (>= 0.3)
    shoulda (2.11.3)
    shoulda_routing_macros (0.1.2)
    syntax (1.0.0)
    validation_reflection (0.3.8)

PLATFORMS
  ruby

DEPENDENCIES
  authlogic (~> 2.1.6)
  factory_girl (~> 1.3.2)
  formtastic (~> 1.2.0)
  gravtastic
  haml (~> 3.0.18)
  maruku (~> 0.6.0)
  mocha (~> 0.9.8)
  mysql
  paperclip (= 2.3.8)
  rails (= 2.3.11)
  rails-footnotes
  rdoc
  ruby-debug
  shoulda (~> 2.11.3)
  shoulda_routing_macros (~> 0.1.2)
  validation_reflection (~> 0.3.8)
