GEM
  remote: http://rubygems.org/
  specs:
    actionmailer (2.3.5)
      actionpack (= 2.3.5)
    actionpack (2.3.5)
      activesupport (= 2.3.5)
      rack (~> 1.0.0)
    activerecord (2.3.5)
      activesupport (= 2.3.5)
    activeresource (2.3.5)
      activesupport (= 2.3.5)
    activesupport (2.3.5)
    authlogic (2.1.6)
      activesupport
    factory_girl (1.3.3)
    formtastic (1.1.0)
      actionpack (>= 2.3.0)
      activesupport (>= 2.3.0)
      i18n (>= 0.4.0)
    haml (3.0.25)
    i18n (0.5.0)
    maruku (0.6.0)
      syntax (>= 1.0.0)
    mocha (0.9.11)
      rake
    mysql (2.8.1)
    rack (1.0.1)
    rails (2.3.5)
      actionmailer (= 2.3.5)
      actionpack (= 2.3.5)
      activerecord (= 2.3.5)
      activeresource (= 2.3.5)
      activesupport (= 2.3.5)
      rake (>= 0.8.3)
    rake (0.8.7)
    shoulda (2.11.3)
    shoulda_routing_macros (0.1.2)
    syntax (1.0.0)
    validation_reflection (0.3.8)

PLATFORMS
  ruby

DEPENDENCIES
  authlogic (~> 2.1.6)
  factory_girl (~> 1.3.2)
  formtastic (~> 1.1.0)
  haml (~> 3.0.18)
  maruku (~> 0.6.0)
  mocha (~> 0.9.8)
  mysql
  rails (= 2.3.5)
  shoulda (~> 2.11.3)
  shoulda_routing_macros (~> 0.1.2)
  validation_reflection (~> 0.3.8)
